PATH
  remote: .
  specs:
    stravid-fraction (0.1.0)

GEM
  remote: https://rubygems.org/
  specs:
    minitest (5.13.0)
    rake (13.0.1)

PLATFORMS
  ruby

DEPENDENCIES
  bundler (~> 2.0)
  minitest (= 5.13.0)
  rake (~> 13.0)
  stravid-fraction!

BUNDLED WITH
   2.0.2
